GIT
  remote: git://github.com/pradeepnarava/acts_as_rate.git
  revision: ca60f28670990c0c0a628d15fdf91cea28281a7f
  specs:
    acts_as_rate (1.0)

GEM
  remote: http://gemcutter.org/
  specs:
    actionmailer (2.3.11)
      actionpack (= 2.3.11)
    actionpack (2.3.11)
      activesupport (= 2.3.11)
      rack (~> 1.1.0)
    activerecord (2.3.11)
      activesupport (= 2.3.11)
    activeresource (2.3.11)
      activesupport (= 2.3.11)
    activesupport (2.3.11)
    acts-as-taggable-on (2.1.1)
      rails
    after_commit (1.0.10)
      activerecord (>= 1.15.6, < 3.0.0)
    authlogic (2.1.9)
      activerecord (~> 2.3.0)
      activesupport (~> 2.3.0)
    aws-s3 (0.6.3)
      builder
      mime-types
      xml-simple
    builder (3.1.4)
    carrierwave (0.4.10)
    faker (1.1.2)
      i18n (~> 0.5)
    faraday (0.8.4)
      multipart-post (~> 1.1)
    fastercsv (1.5.5)
    haml (3.1.7)
    hashie (1.2.0)
    hominid (3.0.5)
    hoptoad_notifier (2.4.11)
      activesupport
      builder
    httpauth (0.2.0)
    i18n (0.6.1)
    json (1.7.5)
    machinist (2.0)
    metaclass (0.0.1)
    mime-types (1.19)
    mini_magick (3.4)
      subexec (~> 0.2.1)
    mocha (0.12.7)
      metaclass (~> 0.0.1)
    multi_json (1.3.6)
    multipart-post (1.1.5)
    mysql (2.8.1)
    nokogiri (1.5.5)
    oauth2 (0.6.1)
      faraday (~> 0.7)
      httpauth (~> 0.1)
      multi_json (~> 1.3)
    omniauth (1.1.1)
      hashie (~> 1.2)
      rack
    omniauth-facebook (1.4.0)
      omniauth-oauth2 (~> 1.0.2)
    omniauth-oauth2 (1.0.2)
      oauth2 (~> 0.6.0)
      omniauth (~> 1.0)
    rack (1.1.3)
    rack-test (0.6.2)
      rack (>= 1.0)
    rails (2.3.11)
      actionmailer (= 2.3.11)
      actionpack (= 2.3.11)
      activerecord (= 2.3.11)
      activeresource (= 2.3.11)
      activesupport (= 2.3.11)
      rake (>= 0.8.3)
    rake (0.9.2.2)
    rcov (1.0.0)
    rdoc (3.12)
      json (~> 1.4)
    riddle (1.5.3)
    sanitize (2.0.3)
      nokogiri (>= 1.4.4, < 1.6)
    shoulda (3.0.1)
      shoulda-context (~> 1.0.0)
      shoulda-matchers (~> 1.0.0)
    shoulda-context (1.0.1)
    shoulda-matchers (1.0.0)
    subexec (0.2.2)
    system_timer (1.2.4)
    thinking-sphinx (1.4.13)
      activerecord (>= 1.15.6, < 3.0.0)
      after_commit (>= 1.0.7)
      riddle (>= 1.5.3)
    tmail (1.2.7.1)
    webrat (0.7.3)
      nokogiri (>= 1.2.0)
      rack (>= 1.0)
      rack-test (>= 0.5.3)
    will_paginate (3.0.3)
    xml-simple (1.1.1)

PLATFORMS
  ruby

DEPENDENCIES
  acts-as-taggable-on
  acts_as_rate!
  authlogic (~> 2.1)
  aws-s3
  carrierwave
  faker
  fastercsv
  haml
  hominid
  hoptoad_notifier
  json
  machinist (>= 1.0.4)
  mini_magick
  mocha
  mysql
  omniauth-facebook
  rails (= 2.3.11)
  rake (= 0.9.2.2)
  rcov
  rdoc
  sanitize (>= 1.2.0)
  shoulda
  system_timer
  thinking-sphinx
  tmail (>= 1.2.6)
  webrat (>= 0.5.3)
  will_paginate
